GIT
  remote: git://github.com/sinatra/sinatra.git
  revision: b0262b3f84f48e6e13318ce72bcdfeef29533871
  specs:
    sinatra (1.3.0)
      rack (~> 1.2)
      tilt (< 2.0, >= 1.2.2)

GEM
  remote: http://rubygems.org/
  specs:
    compass (0.10.6)
      haml (>= 3.0.4)
    haml (3.0.25)
    rack (1.2.2)
    tilt (1.2.2)

PLATFORMS
  ruby

DEPENDENCIES
  compass (~> 0.10)
  haml
  sinatra!
