GIT
  remote: git://github.com/sinatra/sinatra.git
  revision: 56bcd4ca6c573f49fa5ba5d268e952e8d794f6aa
  specs:
    sinatra (1.3.0)
      rack (~> 1.2)
      tilt (~> 1.2, >= 1.2.2)

GEM
  remote: http://rubygems.org/
  specs:
    compass (0.10.6)
      haml (>= 3.0.4)
    haml (3.0.25)
    i18n (0.5.0)
    json (1.5.1)
    rack (1.2.2)
    rack-flash (0.1.1)
      rack
    rack-rewrite (1.0.2)
    rdiscount (1.6.8)
    sequel (3.22.0)
    serialport (1.0.4)
    sqlite3 (1.3.3)
    tilt (1.2.2)
    wirble (0.1.3)

PLATFORMS
  ruby

DEPENDENCIES
  compass (~> 0.10)
  haml
  i18n
  json
  rack-flash
  rack-rewrite
  rdiscount
  sequel
  serialport
  sinatra!
  sqlite3
  wirble
