GIT
  remote: git://github.com/sinatra/sinatra.git
  revision: 026648d788a9b477d5ffa94a2854b92cc995ac9e
  specs:
    sinatra (1.3.0)
      rack (~> 1.2)
      tilt (< 2.0, >= 1.2.2)

GEM
  remote: http://rubygems.org/
  specs:
    rack (1.2.2)
    tilt (1.2.2)

PLATFORMS
  ruby

DEPENDENCIES
  sinatra!
